PATH
  remote: .
  specs:
    yabeda-puma (1.0.0)
      puma
      yabeda

GEM
  remote: https://rubygems.org/
  specs:
    concurrent-ruby (1.1.4)
    diff-lcs (1.3)
    dry-initializer (2.5.0)
    puma (3.12.0)
    rake (10.5.0)
    rspec (3.8.0)
      rspec-core (~> 3.8.0)
      rspec-expectations (~> 3.8.0)
      rspec-mocks (~> 3.8.0)
    rspec-core (3.8.0)
      rspec-support (~> 3.8.0)
    rspec-expectations (3.8.2)
      diff-lcs (>= 1.2.0, < 2.0)
      rspec-support (~> 3.8.0)
    rspec-mocks (3.8.0)
      diff-lcs (>= 1.2.0, < 2.0)
      rspec-support (~> 3.8.0)
    rspec-support (3.8.0)
    yabeda (0.1.3)
      concurrent-ruby
      dry-initializer

PLATFORMS
  ruby

DEPENDENCIES
  bundler (~> 2.0)
  rake (~> 10.0)
  rspec (~> 3.0)
  yabeda-puma!

BUNDLED WITH
   2.0.1
